RESTRICTION: == net472
NUGET
  remote: https://api.nuget.org/v3/index.json
    Mono.Cecil (0.11.4)
    MonoMod.RuntimeDetour (20.12.25.1)
      Mono.Cecil (>= 0.11.3)
      MonoMod.Utils (>= 20.12.25.1)
    MonoMod.Utils (20.12.25.1)
      Mono.Cecil (>= 0.11.3)

GROUP HTTPDependencies

HTTP
  remote: https://github.com
    TShock/TShock.zip (/Pryaxis/TShock/releases/download/v4.5.12/TShock4.5.12_Terraria1.4.3.2.zip)